GIT
  remote: git://github.com/JetBrains/ruby-debug-ide.git
  revision: c3a7a8529ae697903e3700f13412e43abc17a88a
  specs:
    ruby-debug-ide (0.4.17.beta8)
      rake (>= 0.8.1)

GIT
  remote: git://github.com/intridea/omniauth.git
  revision: aca30f3452dbdba609da810a9d1da0b858da97b2
  specs:
    omniauth (1.0.0.alpha)
      hashie
      rack

GEM
  remote: http://rubygems.org/
  specs:
    RedCloth (4.2.5-x86-mingw32)
    actionmailer (3.1.0.rc5)
      actionpack (= 3.1.0.rc5)
      mail (~> 2.3.0)
    actionpack (3.1.0.rc5)
      activemodel (= 3.1.0.rc5)
      activesupport (= 3.1.0.rc5)
      builder (~> 3.0.0)
      erubis (~> 2.7.0)
      i18n (~> 0.6)
      rack (~> 1.3.1)
      rack-cache (~> 1.0.2)
      rack-mount (~> 0.8.1)
      rack-test (~> 0.6.0)
      sprockets (~> 2.0.0.beta.12)
    activemodel (3.1.0.rc5)
      activesupport (= 3.1.0.rc5)
      bcrypt-ruby (~> 2.1.4)
      builder (~> 3.0.0)
      i18n (~> 0.6)
    activerecord (3.1.0.rc5)
      activemodel (= 3.1.0.rc5)
      activesupport (= 3.1.0.rc5)
      arel (~> 2.1.4)
      tzinfo (~> 0.3.29)
    activeresource (3.1.0.rc5)
      activemodel (= 3.1.0.rc5)
      activesupport (= 3.1.0.rc5)
    activesupport (3.1.0.rc5)
      multi_json (~> 1.0)
    albino (1.3.3)
      posix-spawn (>= 0.3.6)
    archive-tar-minitar (0.5.2)
    arel (2.1.4)
    bcrypt-ruby (2.1.4-x86-mingw32)
    bson (1.3.1)
    bson_ext (1.3.1)
    builder (3.0.0)
    cancan (1.6.5)
    capistrano (2.8.0)
      highline
      net-scp (>= 1.0.0)
      net-sftp (>= 2.0.0)
      net-ssh (>= 2.0.14)
      net-ssh-gateway (>= 1.1.0)
    cocaine (0.2.0)
    coffee-script (2.2.0)
      coffee-script-source
      execjs
    coffee-script-source (1.1.2)
    columnize (0.3.4)
    crack (0.1.8)
    curb (0.7.15)
    devise (1.4.2)
      bcrypt-ruby (~> 2.1.2)
      orm_adapter (~> 0.0.3)
      warden (~> 1.0.3)
    erubis (2.7.0)
    escape_utils (0.2.3)
    execjs (1.2.4)
      multi_json (~> 1.0)
    feedzirra (0.0.31)
      activesupport (>= 3.0.8)
      builder (~> 3.0.0)
      curb (~> 0.7.15)
      i18n (>= 0.5.0)
      loofah (~> 1.0.0)
      nokogiri (~> 1.4.4)
      rake (>= 0.9.2)
      rdoc (~> 3.8)
      sax-machine (~> 0.0.20)
    geocoder (1.0.2)
    googlecharts (1.6.7)
    haml (3.1.2)
    hashie (1.1.0)
    highline (1.6.2)
    hike (1.2.1)
    httparty (0.7.8)
      crack (= 0.1.8)
    i18n (0.6.0)
    jquery-rails (1.0.13)
      railties (~> 3.0)
      thor (~> 0.14)
    json (1.5.4)
    jsort (0.0.2)
      jquery-rails
    linecache19 (0.5.12)
      ruby_core_source (>= 0.1.4)
    loofah (1.0.0)
      nokogiri (>= 1.3.3)
    mail (2.3.0)
      i18n (>= 0.4.0)
      mime-types (~> 1.16)
      treetop (~> 1.4.8)
    mime-types (1.16)
    mongo (1.3.1)
      bson (>= 1.3.1)
    mongo_session_store (2.0.0)
      actionpack (~> 3.0)
    mongoid (2.1.6)
      activemodel (~> 3.0)
      mongo (~> 1.3)
      tzinfo (~> 0.3.22)
    mongoid-paperclip (0.0.6)
      paperclip (~> 2.3.6)
    mongoid-tree (0.6.1)
      mongoid (~> 2.0)
    mongoid_fulltext (0.4.4)
      unicode_utils (~> 1.0.0)
    multi_json (1.0.3)
    net-scp (1.0.4)
      net-ssh (>= 1.99.1)
    net-sftp (2.0.5)
      net-ssh (>= 2.0.9)
    net-ssh (2.2.1)
    net-ssh-gateway (1.1.0)
      net-ssh (>= 1.99.1)
    nokogiri (1.4.7-x86-mingw32)
    orm_adapter (0.0.5)
    paperclip (2.3.16)
      activerecord (>= 2.3.0)
      activesupport (>= 2.3.2)
      cocaine (>= 0.0.2)
      mime-types
    polyglot (0.3.2)
    posix-spawn (0.3.6)
    rack (1.3.2)
    rack-cache (1.0.3)
      rack (>= 0.4)
    rack-mount (0.8.3)
      rack (>= 1.0.0)
    rack-ssl (1.3.2)
      rack
    rack-test (0.6.1)
      rack (>= 1.0)
    rails (3.1.0.rc5)
      actionmailer (= 3.1.0.rc5)
      actionpack (= 3.1.0.rc5)
      activerecord (= 3.1.0.rc5)
      activeresource (= 3.1.0.rc5)
      activesupport (= 3.1.0.rc5)
      bundler (~> 1.0)
      railties (= 3.1.0.rc5)
    rails-erd (0.4.5)
      activerecord (~> 3.0)
      activesupport (~> 3.0)
      ruby-graphviz (~> 0.9.18)
    rails3-generators (0.17.4)
      railties (>= 3.0.0)
    railties (3.1.0.rc5)
      actionpack (= 3.1.0.rc5)
      activesupport (= 3.1.0.rc5)
      rack-ssl (~> 1.3.2)
      rake (>= 0.8.7)
      rdoc (~> 3.4)
      thor (~> 0.14.6)
    rake (0.9.2)
    rdoc (3.9.4)
    redcarpet (1.17.2)
    ruby-debug-base19 (0.11.25)
      columnize (>= 0.3.1)
      linecache19 (>= 0.5.11)
      ruby_core_source (>= 0.1.4)
    ruby-debug19 (0.11.6)
      columnize (>= 0.3.1)
      linecache19 (>= 0.5.11)
      ruby-debug-base19 (>= 0.11.19)
    ruby-graphviz (0.9.21)
    ruby_core_source (0.1.5)
      archive-tar-minitar (>= 0.5.2)
    sass (3.1.7)
    sass-rails (3.1.0.rc.5)
      actionpack (~> 3.1.0.rc1)
      railties (~> 3.1.0.rc1)
      sass (>= 3.1.4)
      sprockets (>= 2.0.0.beta.9)
    sax-machine (0.0.20)
      nokogiri (> 0.0.0)
    simple_form (1.4.2)
      actionpack (~> 3.0)
      activemodel (~> 3.0)
    simplecov (0.4.2)
      simplecov-html (~> 0.4.4)
    simplecov-html (0.4.5)
    sprockets (2.0.0)
      hike (~> 1.2)
      rack (~> 1.0)
      tilt (!= 1.3.0, ~> 1.1)
    thor (0.14.6)
    tilt (1.3.3)
    treetop (1.4.10)
      polyglot
      polyglot (>= 0.3.1)
    tzinfo (0.3.29)
    uglifier (1.0.2)
      execjs (>= 0.3.0)
      multi_json (>= 1.0.2)
    unicode_utils (1.0.0)
    warden (1.0.5)
      rack (>= 1.0)
    will_paginate (3.0.pre4)
    yard (0.7.2)

PLATFORMS
  x86-mingw32

DEPENDENCIES
  RedCloth (= 4.2.5)
  albino
  bson_ext
  cancan
  capistrano
  coffee-script
  devise (~> 1.4.0)
  escape_utils
  execjs
  feedzirra
  geocoder
  googlecharts
  haml
  httparty
  jquery-rails
  json
  jsort (~> 0.0.1)
  mongo_session_store
  mongoid (= 2.1.6)
  mongoid-paperclip
  mongoid-tree
  mongoid_fulltext
  nokogiri
  omniauth!
  rails (= 3.1.0.rc5)
  rails-erd
  rails3-generators
  rdoc
  redcarpet
  ruby-debug-ide!
  ruby-debug19
  sass-rails (~> 3.1.0.rc)
  sax-machine
  simple_form
  simplecov (>= 0.4.0)
  sprockets (~> 2.0.0.beta.12)
  uglifier
  will_paginate (= 3.0.pre4)
  yard
